GEM
  remote: https://rubygems.org/
  specs:
    dotenv (2.0.1)
    mysql (2.9.1)

PLATFORMS
  ruby

DEPENDENCIES
  dotenv
  mysql (~> 2.9.1)
