GEM
  remote: https://rubygems.org/
  specs:
    dotenv (2.0.1)
    mysql2 (0.4.1)

PLATFORMS
  ruby

DEPENDENCIES
  dotenv
  mysql2 (~> 0.4.1)
